GEM
  remote: https://rubygems.org/
  specs:
    coderay (1.1.1)
    concurrent-ruby (1.0.2)
    connection_pool (2.2.0)
    dry-configurable (0.1.7)
      concurrent-ruby (~> 1.0)
    faraday (0.9.2)
      multipart-post (>= 1.2, < 3)
    figaro (1.1.1)
      thor (~> 0.14)
    json (2.0.2)
    method_source (0.8.2)
    multipart-post (2.0.0)
    null-logger (0.1.3)
    pry (0.10.4)
      coderay (~> 1.1.0)
      method_source (~> 0.8.1)
      slop (~> 3.4)
    rack (1.6.4)
    rack-protection (1.5.3)
      rack
    rake (11.3.0)
    ruby-kafka (0.3.15)
    sinatra (1.4.7)
      rack (~> 1.5)
      rack-protection (~> 1.4)
      tilt (>= 1.3, < 3)
    slop (3.6.0)
    thor (0.19.1)
    tilt (2.0.5)
    waterdrop (0.3.2.1)
      bundler
      connection_pool
      dry-configurable (~> 0.1.7)
      null-logger
      rake
      ruby-kafka

PLATFORMS
  ruby

DEPENDENCIES
  faraday
  figaro
  json
  pry
  ruby-kafka
  sinatra
  waterdrop

BUNDLED WITH
   1.12.5
